GIT
  remote: https://github.com/zena/rubyless.git
  revision: 737f579e0ace2552e6066e5f02c8505d3401f327
  branch: 1.9.3
  specs:
    rubyless (0.9.0)
      ruby_parser (~> 2.3.1)
      sexp_processor (>= 3.0.1)

GIT
  remote: https://github.com/zena/yamltest.git
  revision: 8a9a9d302848f33c959369d0ed94f8ae7d8df901
  branch: 1.9.3
  specs:
    yamltest (0.9.0)

GEM
  remote: https://rubygems.org/
  specs:
    activemodel (3.2.22.2)
      activesupport (= 3.2.22.2)
      builder (~> 3.0.0)
    activerecord (3.2.22.2)
      activemodel (= 3.2.22.2)
      activesupport (= 3.2.22.2)
      arel (~> 3.0.2)
      tzinfo (~> 0.3.29)
    activesupport (3.2.22.2)
      i18n (~> 0.6, >= 0.6.4)
      multi_json (~> 1.0)
    arel (3.0.3)
    builder (3.0.4)
    i18n (0.7.0)
    json (1.8.3)
    multi_json (1.12.0)
    rake (10.4.2)
    rdoc (3.12)
      json (~> 1.4)
    ruby_parser (2.3.1)
      sexp_processor (~> 3.0)
    sexp_processor (3.2.0)
    shoulda (2.10.3)
    sqlite3 (1.3.11)
    tzinfo (0.3.49)

PLATFORMS
  ruby

DEPENDENCIES
  activerecord (= 3.2.22.2)
  activesupport (= 3.2.22.2)
  rake (= 10.4.2)
  rdoc (= 3.12)
  rubyless (= 0.9.0)!
  shoulda (= 2.10.3)
  sqlite3 (= 1.3.11)
  yamltest (= 0.9.0)!

BUNDLED WITH
   1.13.3
