GIT
  remote: https://github.com/zena/rubyless.git
  revision: e52f307835d022013612cc7de00bbe320fba193d
  branch: 2.2.1
  specs:
    rubyless (0.9.0)
      ruby_parser (~> 2.3.1)
      sexp_processor (>= 3.0.1)

GIT
  remote: https://github.com/zena/yamltest.git
  revision: 5b1e20406376634ac4f8c38d7df42e9f45fd3da7
  branch: 2.2.1
  specs:
    yamltest (0.9.0)

GEM
  remote: https://rubygems.org/
  specs:
    activemodel (3.2.22.2)
      activesupport (= 3.2.22.2)
      builder (~> 3.0.0)
    activerecord (3.2.22.2)
      activemodel (= 3.2.22.2)
      activesupport (= 3.2.22.2)
      arel (~> 3.0.2)
      tzinfo (~> 0.3.29)
    activesupport (3.2.22.2)
      i18n (~> 0.6, >= 0.6.4)
      multi_json (~> 1.0)
    arel (3.0.3)
    builder (3.0.4)
    i18n (0.7.0)
    json (1.8.3)
    multi_json (1.12.0)
    power_assert (0.3.1)
    rake (10.4.2)
    rdoc (3.12)
      json (~> 1.4)
    ruby_parser (2.3.1)
      sexp_processor (~> 3.0)
    sexp_processor (3.2.0)
    shoulda (2.10.3)
    sqlite3 (1.3.11)
    test-unit (3.2.2)
      power_assert
    tzinfo (0.3.49)

PLATFORMS
  ruby

DEPENDENCIES
  activerecord (= 3.2.22.2)
  activesupport (= 3.2.22.2)
  rake (= 10.4.2)
  rdoc (= 3.12)
  rubyless (= 0.9.0)!
  shoulda (= 2.10.3)
  sqlite3 (= 1.3.11)
  test-unit
  yamltest (= 0.9.0)!

BUNDLED WITH
   1.13.6
