GIT
  remote: git@github.com:zena/rubyless.git
  revision: 43c8d8d885439b42b031d64cd63d001e1a4648ee
  specs:
    rubyless (0.9.0)
      ruby_parser (~> 2.3.1)
      sexp_processor (>= 3.0.1)

PATH
  remote: ../yamltest
  specs:
    yamltest (0.9.0)

GEM
  remote: https://rubygems.org/
  specs:
    activemodel (3.2.22.2)
      activesupport (= 3.2.22.2)
      builder (~> 3.0.0)
    activerecord (3.2.22.2)
      activemodel (= 3.2.22.2)
      activesupport (= 3.2.22.2)
      arel (~> 3.0.2)
      tzinfo (~> 0.3.29)
    activesupport (3.2.22.2)
      i18n (~> 0.6, >= 0.6.4)
      multi_json (~> 1.0)
    arel (3.0.3)
    builder (3.0.4)
    i18n (0.7.0)
    iconv (1.0.4)
    json (1.8.3)
    multi_json (1.12.0)
    power_assert (0.3.0)
    rake (10.4.2)
    rdoc (3.12)
      json (~> 1.4)
    ruby_parser (2.3.1)
      sexp_processor (~> 3.0)
    sexp_processor (3.2.0)
    shoulda (2.10.3)
    sqlite3 (1.3.11)
    test-unit (3.1.8)
      power_assert
    tzinfo (0.3.49)

PLATFORMS
  ruby

DEPENDENCIES
  activerecord (= 3.2.22.2)
  activesupport (= 3.2.22.2)
  iconv (~> 1.0.3)
  rake (= 10.4.2)
  rdoc (= 3.12)
  rubyless (= 0.9.0)!
  shoulda (= 2.10.3)
  sqlite3 (= 1.3.11)
  test-unit
  yamltest (= 0.9.0)!

BUNDLED WITH
   1.11.2
